PATH
  remote: .
  specs:
    capistrano-vpmframe (0.0.1)

GEM
  remote: https://rubygems.org/
  specs:
    capistrano (2.13.3)
      highline
      net-scp (>= 1.0.0)
      net-sftp (>= 2.0.0)
      net-ssh (>= 2.0.14)
      net-ssh-gateway (>= 1.1.0)
    highline (1.6.14)
    net-scp (1.0.4)
      net-ssh (>= 1.99.1)
    net-sftp (2.0.5)
      net-ssh (>= 2.0.9)
    net-ssh (2.5.2)
    net-ssh-gateway (1.1.0)
      net-ssh (>= 1.99.1)
    rake (0.9.2.2)

PLATFORMS
  ruby

DEPENDENCIES
  capistrano (> 2.0.0)
  capistrano-vpmframe!
  rake
